GEM
  remote: https://rubygems.org/
  specs:
    rack (3.0.7)
    rack-cache (1.2)
      rack (>= 0.4)
    rack-protection (2.0.8.1)
      rack

PLATFORMS
  ruby

DEPENDENCIES
  rack (~> 3.0.0)
  rack-cache (~> 1.2.0)
  rack-protection (~> 2.0.0)

BUNDLED WITH
   1.17.3
