GEM
  remote: http://rubygems.org/
  specs:
    json (2.6.3)
    lynx (0.4.0)

PLATFORMS
  ruby

DEPENDENCIES
  json (>= 2.3.0)
  lynx (= 0.4.0)

BUNDLED WITH
   1.17.3
