GEM
  remote: https://rubygems.org/
  specs:
    rack (2.0.9.3)
    rack-cache (1.1)
      rack (>= 0.4)
    rack-protection (1.5.5)
      rack

PLATFORMS
  ruby

DEPENDENCIES
  rack (~> 2.0.9, >= 2.0.9.3)
  rack-cache (~> 1.1.0)
  rack-protection (~> 1.5.3)

BUNDLED WITH
   1.17.3
