GEM
  remote: http://rubygems.org/
  specs:
    json (2.6.3)
    xml-simple (1.1.5)

PLATFORMS
  ruby

DEPENDENCIES
  json (>= 2.3.0)
  xml-simple

BUNDLED WITH
   1.17.3
