GEM
  remote: http://rubygems.org/
  specs:
    crass (1.0.6)
    lynx (0.4.0)
    mini_portile2 (2.8.8)
    nokogiri (1.15.7)
      mini_portile2 (~> 2.8.2)
      racc (~> 1.4)
    racc (1.8.1)
    sanitize (6.0.0)
      crass (~> 1.0.2)
      nokogiri (>= 1.12.0)
    yard (0.8.0)

PLATFORMS
  ruby

DEPENDENCIES
  lynx (= 0.4.0)
  sanitize (= 6.0.0)
  yard (= 0.8.0)

BUNDLED WITH
   1.17.3
